ObjectType = Image
NDims = 2
BinaryData = True
BinaryDataByteOrderMSB = False
CompressedData = False
TransformMatrix = 1 0 0 1
Offset = 0 0
CenterOfRotation = 0 0
ElementSpacing = 0.308 0.154
DimSize = 590 973
AnatomicalOrientation = ??
ElementType = MET_UCHAR
ElementDataFile = patient0039_4CH_ES.raw
